GEM
  remote: https://rubygems.org/
  specs:
    bcrypt (3.1.13)
    multi_json (1.13.1)
    mustermann (2.0.2)
      ruby2_keywords (~> 0.0.1)
    mysql2 (0.5.2)
    mysql2-cs-bind (0.0.7)
      mysql2
    nio4r (2.5.1)
    puma (4.1.0)
      nio4r (~> 2.0)
    rack (2.2.4)
    rack-protection (2.2.3)
      rack
    ruby2_keywords (0.0.5)
    sinatra (2.2.3)
      mustermann (~> 2.0)
      rack (~> 2.2)
      rack-protection (= 2.2.3)
      tilt (~> 2.0)
    sinatra-contrib (2.2.3)
      multi_json
      mustermann (~> 2.0)
      rack-protection (= 2.2.3)
      sinatra (= 2.2.3)
      tilt (~> 2.0)
    tilt (2.0.11)

PLATFORMS
  ruby

DEPENDENCIES
  bcrypt
  mysql2
  mysql2-cs-bind
  puma
  sinatra
  sinatra-contrib

BUNDLED WITH
   2.0.1
